GEM
  remote: https://rubygems.org/
  specs:
    mysql2 (0.5.3)
    sqlite3 (1.4.2)

PLATFORMS
  ruby

DEPENDENCIES
  mysql2 (~> 0.5.3)
  sqlite3 (~> 1.4.2)

BUNDLED WITH
   2.2.3
